GEM
  remote: https://rubygems.org/
  specs:
    activemodel (5.0.0.1)
      activesupport (= 5.0.0.1)
    activerecord (5.0.0.1)
      activemodel (= 5.0.0.1)
      activesupport (= 5.0.0.1)
      arel (~> 7.0)
    activesupport (5.0.0.1)
      concurrent-ruby (~> 1.0, >= 1.0.2)
      i18n (~> 0.7)
      minitest (~> 5.1)
      tzinfo (~> 1.1)
    arel (7.1.1)
    concurrent-ruby (1.0.2)
    crass (1.0.2)
    ejson (1.0.1)
    guess_html_encoding (0.0.11)
    htmlbeautifier (1.2.0)
    httparty (0.14.0)
      multi_xml (>= 0.5.2)
    i18n (0.7.0)
    metaclass (0.0.4)
    mini_portile2 (2.1.0)
    minitest (5.9.0)
    mocha (1.1.0)
      metaclass (~> 0.0.1)
    multi_xml (0.5.5)
    news_scraper (0.1.0)
      htmlbeautifier (~> 1.1, >= 1.1.1)
      httparty (~> 0.14, >= 0.14.0)
      nokogiri (~> 1.6, >= 1.6.8)
      ruby-readability (~> 0.7, >= 0.7.0)
      sanitize (~> 4.2, >= 4.2.0)
    nokogiri (1.6.8)
      mini_portile2 (~> 2.1.0)
      pkg-config (~> 1.1.7)
    nokogumbo (1.4.9)
      nokogiri
    pg (0.18.4)
    pkg-config (1.1.7)
    rake (11.2.2)
    ruby-readability (0.7.0)
      guess_html_encoding (>= 0.0.4)
      nokogiri (>= 1.6.0)
    sanitize (4.2.0)
      crass (~> 1.0.2)
      nokogiri (>= 1.4.4)
      nokogumbo (~> 1.4.1)
    sqlite3 (1.3.11)
    thread_safe (0.3.5)
    tzinfo (1.2.2)
      thread_safe (~> 0.1)

PLATFORMS
  ruby

DEPENDENCIES
  activerecord
  ejson
  minitest
  mocha
  news_scraper
  pg
  rake
  sqlite3

BUNDLED WITH
   1.12.5
